GEM
  remote: https://rubygems.org/
  specs:
    RedCloth (4.3.2)
    addressable (2.5.2)
      public_suffix (>= 2.0.2, < 4.0)
    chunky_png (1.3.10)
    colorator (1.1.0)
    compass (1.0.3)
      chunky_png (~> 1.2)
      compass-core (~> 1.0.2)
      compass-import-once (~> 1.0.5)
      rb-fsevent (>= 0.9.3)
      rb-inotify (>= 0.9)
      sass (>= 3.3.13, < 3.5)
    compass-core (1.0.3)
      multi_json (~> 1.0)
      sass (>= 3.3.0, < 3.5)
    compass-import-once (1.0.5)
      sass (>= 3.2, < 3.5)
    concurrent-ruby (1.0.5)
    em-websocket (0.5.1)
      eventmachine (>= 0.12.9)
      http_parser.rb (~> 0.6.0)
    eventmachine (1.2.5)
    ffi (1.9.23)
    forwardable-extended (2.6.0)
    http_parser.rb (0.6.0)
    i18n (0.9.5)
      concurrent-ruby (~> 1.0)
    jekyll (3.7.3)
      addressable (~> 2.4)
      colorator (~> 1.0)
      em-websocket (~> 0.5)
      i18n (~> 0.7)
      jekyll-sass-converter (~> 1.0)
      jekyll-watch (~> 2.0)
      kramdown (~> 1.14)
      liquid (~> 4.0)
      mercenary (~> 0.3.3)
      pathutil (~> 0.9)
      rouge (>= 1.7, < 4)
      safe_yaml (~> 1.0)
    jekyll-archives (2.1.1)
      jekyll (>= 2.4)
    jekyll-paginate (1.1.0)
    jekyll-sass-converter (1.5.2)
      sass (~> 3.4)
    jekyll-sitemap (1.2.0)
      jekyll (~> 3.3)
    jekyll-timeago (0.9.2)
    jekyll-watch (2.0.0)
      listen (~> 3.0)
    jekyll-whiteglass (1.5.0)
      jekyll (~> 3.3)
      jekyll-archives (~> 2.1)
      jekyll-paginate (~> 1.1)
      jekyll-sitemap (~> 1.0)
    kgio (2.11.2)
    kramdown (1.16.2)
    liquid (4.0.0)
    listen (3.1.5)
      rb-fsevent (~> 0.9, >= 0.9.4)
      rb-inotify (~> 0.9, >= 0.9.7)
      ruby_dep (~> 1.2)
    mercenary (0.3.6)
    multi_json (1.13.1)
    newrelic_rpm (4.8.0.341)
    pathutil (0.16.1)
      forwardable-extended (~> 2.6)
    public_suffix (3.0.2)
    rack (1.6.9)
    rack-jekyll (0.5.0)
      jekyll (>= 1.3)
      listen (>= 1.3)
      rack (~> 1.5)
    raindrops (0.19.0)
    rake (12.3.0)
    rb-fsevent (0.10.3)
    rb-inotify (0.9.10)
      ffi (>= 0.5.0, < 2)
    rouge (3.1.1)
    ruby_dep (1.5.0)
    safe_yaml (1.0.4)
    sass (3.4.25)
    unicorn (5.4.0)
      kgio (~> 2.6)
      raindrops (~> 0.7)

PLATFORMS
  ruby

DEPENDENCIES
  RedCloth
  compass
  jekyll
  jekyll-paginate
  jekyll-timeago
  jekyll-whiteglass
  newrelic_rpm
  rack-jekyll
  rake
  unicorn

RUBY VERSION
   ruby 2.4.3p205

BUNDLED WITH
   1.16.1
